GEM
  remote: http://rubygems.org/
  specs:
    bson (1.9.2)
    bson_ext (1.9.2)
      bson (~> 1.9.2)
    dotenv (0.9.0)
    faraday (0.8.8)
      multipart-post (~> 1.2.0)
    mongo (1.9.2)
      bson (~> 1.9.2)
    multi_json (1.8.2)
    multipart-post (1.2.0)
    simple_oauth (0.2.0)
    twitter (4.8.1)
      faraday (~> 0.8, < 0.10)
      multi_json (~> 1.0)
      simple_oauth (~> 0.2)

PLATFORMS
  ruby

DEPENDENCIES
  bson_ext
  dotenv
  mongo
  twitter
